GEM
  remote: https://rubygems.org/
  specs:
    activemodel (6.1.4.1)
      activesupport (= 6.1.4.1)
    activesupport (6.1.4.1)
      concurrent-ruby (~> 1.0, >= 1.0.2)
      i18n (>= 1.6, < 2)
      minitest (>= 5.1)
      tzinfo (~> 2.0)
      zeitwerk (~> 2.3)
    bson (4.12.1)
    concurrent-ruby (1.1.9)
    cqm-models (3.1.1)
    cqm-reports (3.1.8)
      cqm-models (~> 3.0)
      cqm-validators (~> 3.0)
      erubis (~> 2.7)
      log4r (~> 1.1)
      memoist (~> 0.9)
      mongoid-tree (> 2.0)
      mustache
      nokogiri (>= 1.8.5, < 1.13.0)
      uuid (~> 2.3)
      zip-zip (~> 0.3)
    cqm-validators (3.1.2)
      nokogiri (>= 1.8.5, < 1.13.0)
    erubis (2.7.0)
    i18n (1.8.10)
      concurrent-ruby (~> 1.0)
    log4r (1.1.10)
    macaddr (1.7.2)
      systemu (~> 2.6.5)
    memoist (0.16.2)
    minitest (5.14.4)
    mongo (2.16.0)
      bson (>= 4.8.2, < 5.0.0)
    mongoid (7.3.3)
      activemodel (>= 5.1, < 6.2)
      mongo (>= 2.10.5, < 3.0.0)
      ruby2_keywords (~> 0.0.5)
    mongoid-tree (2.1.1)
      mongoid (>= 4.0, < 8)
    mustache (1.1.1)
    nokogiri (1.12.5-x64-mingw32)
      racc (~> 1.4)
    racc (1.6.0)
    ruby2_keywords (0.0.5)
    rubyzip (2.3.2)
    systemu (2.6.5)
    tzinfo (2.0.4)
      concurrent-ruby (~> 1.0)
    uuid (2.3.9)
      macaddr (~> 1.0)
    zeitwerk (2.5.1)
    zip-zip (0.3)
      rubyzip (>= 1.0.0)

PLATFORMS
  x64-mingw32

DEPENDENCIES
  cqm-models (~> 3.1)
  cqm-reports (~> 3.1)

BUNDLED WITH
   1.17.2
